GEM
  remote: https://rubygems.org/
  specs:
    database_cleaner (1.8.4)
    diff-lcs (1.3)
    pg (1.2.3)
    que (0.14.3)
    rake (13.0.1)
    rspec (3.9.0)
      rspec-core (~> 3.9.0)
      rspec-expectations (~> 3.9.0)
      rspec-mocks (~> 3.9.0)
    rspec-core (3.9.1)
      rspec-support (~> 3.9.1)
    rspec-expectations (3.9.1)
      diff-lcs (>= 1.2.0, < 2.0)
      rspec-support (~> 3.9.0)
    rspec-mocks (3.9.1)
      diff-lcs (>= 1.2.0, < 2.0)
      rspec-support (~> 3.9.0)
    rspec-support (3.9.2)
    sequel (5.31.0)
    sequel_pg (1.12.5)
      pg (>= 0.18.0, != 1.2.0)
      sequel (>= 4.38.0)

PLATFORMS
  ruby

DEPENDENCIES
  database_cleaner
  pg
  que
  rake
  rspec
  sequel
  sequel_pg

RUBY VERSION
   ruby 2.6.5p114

BUNDLED WITH
   2.1.4
