GIT
  remote: https://github.com/que-rb/que
  revision: 94fee90195cdb38e946129e102a81a070692f952
  branch: master
  specs:
    que (1.0.0.beta4)

GEM
  remote: https://rubygems.org/
  specs:
    byebug (11.1.3)
    database_cleaner (1.8.5)
    diff-lcs (1.3)
    pg (1.2.3)
    rake (13.0.5)
    rspec (3.9.0)
      rspec-core (~> 3.9.0)
      rspec-expectations (~> 3.9.0)
      rspec-mocks (~> 3.9.0)
    rspec-core (3.9.1)
      rspec-support (~> 3.9.1)
    rspec-expectations (3.9.1)
      diff-lcs (>= 1.2.0, < 2.0)
      rspec-support (~> 3.9.0)
    rspec-mocks (3.9.1)
      diff-lcs (>= 1.2.0, < 2.0)
      rspec-support (~> 3.9.0)
    rspec-support (3.9.2)
    rspec_tap (0.1.0)
    sequel (5.34.0)
    sequel_pg (1.14.0)
      pg (>= 0.18.0, != 1.2.0)
      sequel (>= 4.38.0)

PLATFORMS
  ruby

DEPENDENCIES
  byebug
  database_cleaner
  pg
  que!
  rake
  rspec
  rspec_tap
  sequel
  sequel_pg

RUBY VERSION
   ruby 2.6.5p114

BUNDLED WITH
   2.1.4
